GEM
  remote: https://rubygems.org/
  specs:
    diff-lcs (1.2.5)
    rack (1.6.0)
    rack-test (0.6.3)
      rack (>= 1.0)
    roda (1.3.0)
      rack
    rspec (3.1.0)
      rspec-core (~> 3.1.0)
      rspec-expectations (~> 3.1.0)
      rspec-mocks (~> 3.1.0)
    rspec-core (3.1.7)
      rspec-support (~> 3.1.0)
    rspec-expectations (3.1.2)
      diff-lcs (>= 1.2.0, < 2.0)
      rspec-support (~> 3.1.0)
    rspec-mocks (3.1.3)
      rspec-support (~> 3.1.0)
    rspec-support (3.1.2)
    sequel (4.18.0)
    sqlite3 (1.3.10)

PLATFORMS
  ruby

DEPENDENCIES
  rack-test
  roda (~> 1.3)
  rspec (~> 3.1)
  sequel (~> 4.18)
  sqlite3 (~> 1.3)
